GEM
  remote: https://rubygems.org/
  specs:
    inifile (3.0.0)
    sqlite3 (1.3.13)

PLATFORMS
  ruby

DEPENDENCIES
  inifile
  sqlite3

BUNDLED WITH
   1.15.0
